PATH
  remote: .
  specs:
    reddit_now (0.1.0)

GEM
  remote: https://rubygems.org/
  specs:
    addressable (2.7.0)
      public_suffix (>= 2.0.2, < 5.0)
    coderay (1.1.2)
    colorize (0.8.1)
    launchy (2.4.3)
      addressable (~> 2.3)
    method_source (0.9.2)
    mini_portile2 (2.8.0)
    nokogiri (1.13.6)
      mini_portile2 (~> 2.8.0)
      racc (~> 1.4)
    pry (0.12.2)
      coderay (~> 1.1.0)
      method_source (~> 0.9.0)
    public_suffix (4.0.1)
    racc (1.6.0)
    rake (10.5.0)

PLATFORMS
  ruby

DEPENDENCIES
  bundler (~> 2.0)
  colorize
  launchy
  nokogiri
  pry
  rake (~> 10.0)
  reddit_now!

BUNDLED WITH
   2.0.1
